GEM
  remote: https://rubygems.org/
  specs:
    coderay (1.1.3)
    ice_nine (0.11.2)
    method_source (1.0.0)
    pry (0.14.1)
      coderay (~> 1.1)
      method_source (~> 1.0)
    ruby-progressbar (1.11.0)

PLATFORMS
  arm64-darwin-21

DEPENDENCIES
  ice_nine
  pry
  ruby-progressbar

BUNDLED WITH
   2.3.16
